GIT
  remote: git://github.com/ma2shita/fluent-plugin-in_unix_unimsg.git
  revision: 84fc3dd28066f70b0d1ddcde3f8edd93b84e3cc9
  specs:
    fluent-plugin-in_unix_unimsg (0.0.2)
      fluentd

GIT
  remote: https://ssl.plathome.co.jp/git/git/pd/pd-emitter-plugin-pdex.git
  revision: 5525839c993309b5c30dfbb6210bffa19a92e87b
  branch: master
  specs:
    pd-emitter-plugin-pdex (1.0.0)
      rest-client
      thor

GEM
  remote: https://rubygems.org/
  specs:
    byebug (4.0.5)
      columnize (= 0.9.0)
    coderay (1.1.0)
    columnize (0.9.0)
    cool.io (1.3.1)
    domain_name (0.5.24)
      unf (>= 0.0.5, < 1.0.0)
    fluentd (0.12.10)
      cool.io (>= 1.2.2, < 2.0.0)
      http_parser.rb (>= 0.5.1, < 0.7.0)
      json (>= 1.4.3)
      msgpack (>= 0.5.11, < 0.6.0)
      sigdump (~> 0.2.2)
      string-scrub (>= 0.0.3)
      tzinfo (>= 1.0.0)
      tzinfo-data (>= 1.0.0)
      yajl-ruby (~> 1.0)
    http-cookie (1.0.2)
      domain_name (~> 0.5)
    http_parser.rb (0.6.0)
    json (1.8.2)
    method_source (0.8.2)
    mime-types (2.6.1)
    msgpack (0.5.12)
    netrc (0.10.3)
    pry (0.10.1)
      coderay (~> 1.1.0)
      method_source (~> 0.8.1)
      slop (~> 3.4)
    pry-byebug (3.1.0)
      byebug (~> 4.0)
      pry (~> 0.10)
    rake (10.4.2)
    rest-client (1.8.0)
      http-cookie (>= 1.0.2, < 2.0)
      mime-types (>= 1.16, < 3.0)
      netrc (~> 0.7)
    sigdump (0.2.3)
    slop (3.6.0)
    string-scrub (0.0.5)
    thor (0.19.1)
    thread_safe (0.3.5)
    tzinfo (1.2.2)
      thread_safe (~> 0.1)
    tzinfo-data (1.2015.4)
      tzinfo (>= 1.0.0)
    unf (0.1.4)
      unf_ext
    unf_ext (0.0.7.1)
    yajl-ruby (1.2.1)

PLATFORMS
  ruby

DEPENDENCIES
  fluent-plugin-in_unix_unimsg!
  fluentd (~> 0.12.0)
  pd-emitter-plugin-pdex!
  pry
  pry-byebug
  rake
